PATH
  remote: .
  specs:
    mkvm (3.1.2)
      rake
      rbvmomi (>= 1.8.2)
      rspec (~> 3.0)

GEM
  remote: https://rubygems.org/
  specs:
    builder (3.2.4)
    diff-lcs (1.3)
    json (2.3.0)
    mini_portile2 (2.8.0)
    nokogiri (1.13.6)
      mini_portile2 (~> 2.8.0)
      racc (~> 1.4)
    optimist (3.0.0)
    racc (1.6.0)
    rake (13.0.1)
    rbvmomi (2.3.0)
      builder (~> 3.0)
      json (>= 1.8)
      nokogiri (~> 1.5)
      optimist (~> 3.0)
    rspec (3.9.0)
      rspec-core (~> 3.9.0)
      rspec-expectations (~> 3.9.0)
      rspec-mocks (~> 3.9.0)
    rspec-core (3.9.1)
      rspec-support (~> 3.9.1)
    rspec-expectations (3.9.0)
      diff-lcs (>= 1.2.0, < 2.0)
      rspec-support (~> 3.9.0)
    rspec-mocks (3.9.1)
      diff-lcs (>= 1.2.0, < 2.0)
      rspec-support (~> 3.9.0)
    rspec-support (3.9.2)

PLATFORMS
  ruby

DEPENDENCIES
  mkvm!

BUNDLED WITH
   2.1.4
