PATH
  remote: .
  specs:
    mkvm (3.1.0)
      rake
      rbvmomi (>= 1.8.2)
      rspec (~> 3.0)

GEM
  remote: https://rubygems.org/
  specs:
    builder (3.2.3)
    diff-lcs (1.3)
    json (2.1.0)
    mini_portile2 (2.1.0)
    nokogiri (>= 1.10.4)
      mini_portile2 (~> 2.1.0)
    rake (12.3.0)
    rbvmomi (1.11.7)
      builder (~> 3.0)
      json (>= 1.8)
      nokogiri (>= 1.10.4)
      trollop (~> 2.1)
    rspec (3.7.0)
      rspec-core (~> 3.7.0)
      rspec-expectations (~> 3.7.0)
      rspec-mocks (~> 3.7.0)
    rspec-core (3.7.1)
      rspec-support (~> 3.7.0)
    rspec-expectations (3.7.0)
      diff-lcs (>= 1.2.0, < 2.0)
      rspec-support (~> 3.7.0)
    rspec-mocks (3.7.0)
      diff-lcs (>= 1.2.0, < 2.0)
      rspec-support (~> 3.7.0)
    rspec-support (3.7.1)
    trollop (2.1.2)

PLATFORMS
  ruby

DEPENDENCIES
  mkvm!

BUNDLED WITH
   1.16.1
